GEM
  remote: https://rubygems.org/
  specs:
    aws-eventstream (1.2.0)
    aws-partitions (1.566.0)
    aws-sdk-core (3.130.0)
      aws-eventstream (~> 1, >= 1.0.2)
      aws-partitions (~> 1, >= 1.525.0)
      aws-sigv4 (~> 1.1)
      jmespath (~> 1.0)
    aws-sdk-secretsmanager (1.59.0)
      aws-sdk-core (~> 3, >= 3.127.0)
      aws-sigv4 (~> 1.1)
    aws-sigv4 (1.4.0)
      aws-eventstream (~> 1, >= 1.0.2)
    jmespath (1.6.1)
    oauth (0.5.8)
    twurl (0.9.6)
      oauth (~> 0.4)
    yake (0.5.2)

PLATFORMS
  x86_64-darwin-20

DEPENDENCIES
  aws-sdk-secretsmanager (~> 1.0)
  twurl (~> 0.9)
  yake (~> 0.5)

BUNDLED WITH
   2.3.6
